GEM
  remote: https://rubygems.org/
  specs:
    activesupport (3.0.0)
    i18n (0.6.4)

PLATFORMS
  ruby

DEPENDENCIES
  activesupport
  i18n
